PATH
  remote: .
  specs:
    mongoid-textile (0.0.1)

GEM
  remote: https://rubygems.org/
  specs:

PLATFORMS
  ruby

DEPENDENCIES
  mongoid-textile!
