PATH
  remote: .
  specs:
    mongoid-textile (0.0.1)
      RedCloth (>= 4.2.0)
      mongoid (>= 2.4.0)

GEM
  remote: https://rubygems.org/
  specs:
    RedCloth (4.2.9)
    activemodel (3.1.3)
      activesupport (= 3.1.3)
      builder (~> 3.0.0)
      i18n (~> 0.6)
    activesupport (3.1.3)
      multi_json (~> 1.0)
    bson (1.5.2)
    builder (3.0.0)
    diff-lcs (1.1.3)
    i18n (0.6.0)
    mongo (1.5.2)
      bson (= 1.5.2)
    mongoid (2.4.0)
      activemodel (~> 3.1)
      mongo (~> 1.3)
      tzinfo (~> 0.3.22)
    multi_json (1.0.4)
    rspec (2.8.0)
      rspec-core (~> 2.8.0)
      rspec-expectations (~> 2.8.0)
      rspec-mocks (~> 2.8.0)
    rspec-core (2.8.0)
    rspec-expectations (2.8.0)
      diff-lcs (~> 1.1.2)
    rspec-mocks (2.8.0)
    tzinfo (0.3.31)

PLATFORMS
  ruby

DEPENDENCIES
  mongoid-textile!
  rspec (= 2.8.0)
